PATH
  remote: .
  specs:
    blackfriday2016 (0.0.4)
      colorize (~> 0.8)
      nokogiri

GEM
  remote: https://rubygems.org/
  specs:
    coderay (1.1.1)
    colorize (0.8.1)
    method_source (0.8.2)
    mini_portile2 (2.1.0)
    nokogiri (1.6.8.1)
      mini_portile2 (~> 2.1.0)
    pry (0.10.4)
      coderay (~> 1.1.0)
      method_source (~> 0.8.1)
      slop (~> 3.4)
    rake (11.3.0)
    rspec (0.9.4)
    slop (3.6.0)

PLATFORMS
  ruby

DEPENDENCIES
  blackfriday2016!
  bundler (~> 1.13)
  pry (~> 0)
  rake (~> 11.3)
  rspec (~> 0)

BUNDLED WITH
   1.13.6
